GEM
  remote: http://rubygems.org/
  specs:
    diff-lcs (1.1.2)
    net-ssh (2.0.23)
    rspec (2.1.0)
      rspec-core (~> 2.1.0)
      rspec-expectations (~> 2.1.0)
      rspec-mocks (~> 2.1.0)
    rspec-core (2.1.0)
    rspec-expectations (2.1.0)
      diff-lcs (~> 1.1.2)
    rspec-mocks (2.1.0)

PLATFORMS
  ruby

DEPENDENCIES
  net-ssh
  rspec (~> 2)
